GEM
  remote: https://rubygems.org/
  specs:
    active_support (3.0.0)
      activesupport (= 3.0.0)
    activesupport (3.0.0)
    trollop (1.16.2)

PLATFORMS
  ruby

DEPENDENCIES
  active_support (~> 3.0.0)
  trollop (~> 1.16.2)
